GEM
  remote: https://rubygems.org/
  specs:
    aws-ses (0.6.0)
      builder
      mail (> 2.2.5)
      mime-types
      xml-simple
    backports (3.6.4)
    bourbon (4.1.0)
      sass (~> 3.3)
      thor
    builder (3.2.2)
    crass (1.0.1)
    daemon_controller (1.2.0)
    daemons (1.2.3)
    eventmachine (1.0.7)
    foreman (0.78.0)
      thor (~> 0.19.1)
    haml (4.0.6)
      tilt
    jsmin (1.0.1)
    json (1.8.2)
    mail (2.6.3)
      mime-types (>= 1.16, < 3)
    mime-types (2.4.3)
    mini_portile (0.6.2)
    multi_json (1.10.1)
    nokogiri (1.6.6.2)
      mini_portile (~> 0.6.0)
    nokogumbo (1.2.0)
      nokogiri
    passenger (4.0.59)
      daemon_controller (>= 1.2.0)
      rack
      rake (>= 0.8.1)
    pony (1.11)
      mail (>= 2.0)
    r18n-core (2.0.3)
    rack (1.6.0)
    rack-protection (1.5.3)
      rack
    rack-test (0.6.2)
      rack (>= 1.0)
    rake (10.4.2)
    sanitize (3.1.1)
      crass (~> 1.0.1)
      nokogiri (>= 1.4.4)
      nokogumbo (= 1.2.0)
    sass (3.4.9)
    shotgun (0.9.1)
      rack (>= 1.0)
    sinatra (1.4.5)
      rack (~> 1.4)
      rack-protection (~> 1.4)
      tilt (~> 1.3, >= 1.3.4)
    sinatra-assetpack (0.3.3)
      jsmin
      rack-test
      sinatra
      tilt (>= 1.3.0, < 2.0)
    sinatra-contrib (1.4.2)
      backports (>= 2.0)
      multi_json
      rack-protection
      rack-test
      sinatra (~> 1.4.0)
      tilt (~> 1.3)
    sinatra-cross_origin (0.3.2)
    sinatra-r18n (2.0.3)
      r18n-core (= 2.0.3)
      sinatra (>= 1.3)
    sinatra-reloader (1.0)
      sinatra-contrib
    sitemap_generator (5.0.5)
      builder
    thin (1.6.3)
      daemons (~> 1.0, >= 1.0.9)
      eventmachine (~> 1.0)
      rack (~> 1.0)
    thor (0.19.1)
    tilt (1.4.1)
    useragent (0.11.0)
    xml-simple (1.1.4)

PLATFORMS
  ruby

DEPENDENCIES
  aws-ses (~> 0.6.0)
  bourbon
  foreman
  haml
  json
  passenger
  pony
  sanitize
  sass
  shotgun
  sinatra (~> 1.4.5)
  sinatra-assetpack
  sinatra-cross_origin (~> 0.3.1)
  sinatra-r18n
  sinatra-reloader
  sitemap_generator
  thin
  useragent
