GEM
  remote: https://rubygems.org/
  specs:
    backports (3.6.4)
    bourbon (4.1.0)
      sass (~> 3.3)
      thor
    haml (4.0.6)
      tilt
    multi_json (1.10.1)
    r18n-core (2.0.3)
    rack (1.6.0)
    rack-protection (1.5.3)
      rack
    rack-test (0.6.2)
      rack (>= 1.0)
    sass (3.4.9)
    sinatra (1.4.5)
      rack (~> 1.4)
      rack-protection (~> 1.4)
      tilt (~> 1.3, >= 1.3.4)
    sinatra-contrib (1.4.2)
      backports (>= 2.0)
      multi_json
      rack-protection
      rack-test
      sinatra (~> 1.4.0)
      tilt (~> 1.3)
    sinatra-r18n (2.0.3)
      r18n-core (= 2.0.3)
      sinatra (>= 1.3)
    sinatra-reloader (1.0)
      sinatra-contrib
    thor (0.19.1)
    tilt (1.4.1)

PLATFORMS
  ruby

DEPENDENCIES
  bourbon
  haml
  sass
  sinatra
  sinatra-r18n
  sinatra-reloader
